{
  "TaskName": "sleep",
  "Manufacturer": "n/a",
  "PowerLineFrequency": 60,
  "SamplingFrequency": 200.0,
  "SoftwareFilters": "n/a",
  "RecordingDuration": 29654.995,
  "RecordingType": "continuous",
  "EEGReference": "Contralateral mastoid (M1/M2)",
  "EEGGround": "n/a",
  "EEGPlacementScheme": "10-20 subset (F3, F4, C3, C4, O1, O2)",
  "EEGChannelCount": 6,
  "EOGChannelCount": 1,
  "ECGChannelCount": 1,
  "EMGChannelCount": 1,
  "MiscChannelCount": 4,
  "TriggerChannelCount": 0,
  "TaskDescription": "Overnight clinical polysomnography for sleep apnea evaluation at Massachusetts General Hospital. Subjects slept naturally while 13 channels of PSG data were recorded. Expert-annotated by certified sleep technologists following AASM manual: 30-second sleep staging and respiratory/arousal events.",
  "Instructions": "Sleep naturally",
  "InstitutionName": "Massachusetts General Hospital",
  "InstitutionAddress": "55 Fruit Street, Boston, MA 02114, USA",
  "InstitutionalDepartmentName": "Computational Clinical Neurophysiology Laboratory (CCNL) and Clinical Data Animation Laboratory (CDAC)",
  "HardwareFilters": "n/a",
  "ManufacturersModelName": "n/a",
  "CapManufacturer": "n/a",
  "CapManufacturersModelName": "n/a",
  "SoftwareVersions": "n/a",
  "DeviceSerialNumber": "n/a",
  "SubjectArtefactDescription": "n/a",
  "MISCChannelCount": 4,
  "CogAtlasID": "n/a",
  "CogPOID": "n/a",
  "OriginalRecord": "tr05-0550",
  "OriginalFormat": "WFDB (.mat + .hea + .arousal)"
}
